NUGET
  remote: https://www.nuget.org/api/v2
    FSharp.Core (6.0.1)
    FSharp.Data (4.2.6)
      FSharp.Core (>= 4.7.2) - restriction: >= netstandard2.0
